##TITLE= Parameter file, TopSpin 3.5 pl 7
##JCAMPDX= 5.0
##DATATYPE= Parameter Values
##NPOINTS= 10034	$$ modification sequence number
##ORIGIN= Bruker BioSpin GmbH
##OWNER= nmrsu
$$ 2018-06-07 13:57:24.738 +0300  nmrsu@Ascend500
$$ /opt/topspin3.5pl7/conf/instr/spect/specpar
$$ process /opt/topspin3.5pl7/prog/mod/hconfserver
##$ANCIEN= (0..7)
0 0 0 0 0 0 0 0
##$BF1= 100.13
##$BF2= 100.13
##$BF3= 100.13
##$DEC= 1
##$DECB= 1
##$DEF19F= yes
##$DEFRSEL= yes
##$HPMOD= (0..7)
0 0 0 0 0 0 0 0
##$HPPRECH= (0..15)
-1 -1 -1 -1 -1 -1 -1 -1 -1 -1 -1 -1 -1 -1 -1 -1
##$HPSELECT= no
##$LOCSW19F= -1
##$LOCSW2H= -1
##$NUC1= 10
##$NUC2= 1
##$NUC3= 0
##$NUC4= 0
##$NUC5= 0
##$NUC6= 0
##$NUC7= 0
##$NUC8= 0
##$NUCARR= (0..123)
500.1 500.1 76.768394909 533.426533974 380.973364437 73.595146086 194.357848797
70.273116813 53.729033658 160.451953974 125.75024502 36.126648885 50.674692912
67.795841457 470.564149011 39.479374296 132.2859519 30.614296635 130.310351859
99.355802187 202.444190742 38.387676 48.999342909 40.786780725 23.336531373
12.809086305 33.656875029 121.483026747 28.193307534 28.200824037 49.861515309
131.541042948 28.268132496 123.970879218 16.192127778 118.659097074 44.689191051
132.603880473 142.046868693 31.290271803 120.030771354 152.514016704 17.445063315
85.630192614 95.376636513 125.29495398 26.093827722 135.059596518 19.2418476
48.284369943 163.634990454 21.673443822 24.505890198 46.490786298 122.40532617
32.591146926 33.275128695 112.564138326 23.030360151 25.812006369 15.935421447
22.8850761 20.243142819 23.272318533 106.09861548 110.988068175 109.350640755
163.626463749 109.585057629 178.196927259 186.490450632 119.676815577 130.874879742
64.809044217 157.780394769 100.057437486 138.330035163 41.227848921 65.593826142
49.682219457 55.575752928 65.9846943 70.642330641 153.13062 27.25545 16.80336
20.85417 17.20344 124.32486 54.91098 15.35307 20.15403 120.22404 17.20344
24.10482 106.72134 14.40288 41.45829 87.514029306 24.109821 57.031404 40.663131
20.039007 12.587517 59.9599896 20.836101387 112.6455246 113.7807516 11.413937331
38.8347654 8.591718 9.356871 107.505416784 8.646729 89.572020822 33.064526583
285.6731232 288.476873838 104.623915599 80.362509288 9.2088414 100 100
100
##$NUCOFFS= (0..127)
<13C> <129Xe> <23Na> <1H> <17O> <> <> <> <> <> <> <> <> <> <> <> <> <>
<> <> <> <> <> <> <> <> <> <> <> <> <> <> <> <> <> <> <> <> <> <> <> <>
<> <> <> <> <> <> <> <> <> <> <> <> <> <> <> <> <> <> <> <> <> <> <> <>
<> <> <> <> <> <> <> <> <> <> <> <> <> <> <> <> <> <> <> <> <> <> <> <>
<> <> <> <> <> <> <> <> <> <> <> <> <> <> <> <> <> <> <> <> <> <> <> <>
<> <> <> <> <> <> <> <> <> <> <> <> <> <>
##$OBS= 1
##$OFFS= (0..127)
0 0 0 0 0 0 0 0 0 0 0 0 0 0 0 0 0 0 0 0 0 0 0 0 0 0 0 0 0 0 0 0 0 0 0 0
0 0 0 0 0 0 0 0 0 0 0 0 0 0 0 0 0 0 0 0 0 0 0 0 0 0 0 0 0 0 0 0 0 0 0 0
0 0 0 0 0 0 0 0 0 0 0 0 0 0 0 0 0 0 0 0 0 0 0 0 0 0 0 0 0 0 0 0 0 0 0 0
0 0 0 0 0 0 0 0 0 0 0 0 0 0 0 0 0 0 0 0
##$OFFSF= (0..7)
0 0 0 0 0 0 0 0
##$OFFSH= (0..7)
0 0 0 0 0 0 0 0
##$OFFSX= (0..7)
0 0 0 0 0 0 0 0
##$OFFSXAS= (0..7)
0 0 0 0 0 0 0 0
##$OFSF1= 0
##$OFSF2= 0
##$OFSH1= 0
##$OFSH2= 0
##$OFSH3= 0
##$OFSX1= 0
##$OFSX2= 0
##$OFSY= 0
##$PACOIL= (0..15)
0 0 0 0 0 0 0 0 0 0 0 0 0 0 0 0
##$PRECHAN= (0..15)
-1 2 -1 0 1 -1 -1 -1 -1 -1 -1 -1 -1 -1 -1 -1
##$RECPRE= (0..15)
-1 0 -1 -1 -1 -1 -1 -1 -1 -1 -1 -1 -1 -1 -1 -1
##$RECPRFX= (0..15)
1 0 0 0 0 0 0 0 0 0 0 0 0 0 0 0
##$RECSEL= (0..15)
0 0 1 0 0 0 0 0 0 0 0 0 0 0 0 0
##$SELREC= (0..9)
0 0 0 0 0 0 0 0 0 0
##$SFO1= 125.76282
##$SFO2= 500.102
##$SFO3= 500.112575
##$SFO4= 500.112575
##$SFO5= 500.112575
##$SFO6= 500.112575
##$SFO7= 500.112575
##$SFO8= 500.112575
##$TY= (0..123)
0 0 0 0 0 0 0 0 0 0 0 0 0 0 0 0 0 0 0 0 0 0 0 0 0 0 0 0 0 0 0 0 0 0 0 0
0 0 0 0 0 0 0 0 0 0 0 0 0 0 0 0 0 0 0 0 0 0 0 0 0 0 0 0 0 0 0 0 0 0 0 0
0 0 0 0 0 0 0 0 0 0 0 0 0 0 0 0 0 0 0 0 0 0 0 0 0 0 0 0 0 0 0 0 0 0 0 0
0 0 0 0 0 0 0 0 0 0 0 0 0 0 0 0
##END=
